GEM
  remote: https://rubygems.org/
  specs:
    chunky_png (1.4.0)
    method_source (1.0.0)
    multi_json (1.15.0)
    mustermann (1.1.1)
      ruby2_keywords (~> 0.0.1)
    nio4r (2.5.8)
    oj (3.13.9)
    puma (5.4.0)
      nio4r (~> 2.0)
    quince (0.6.1)
      oj (~> 3.13)
      rack-contrib (~> 2.3)
      sinatra (~> 2.1)
      sinatra-contrib (~> 2.1)
      typed_struct (>= 0.1.4)
    rack (2.2.3)
    rack-contrib (2.3.0)
      rack (~> 2.0)
    rack-protection (2.1.0)
      rack
    rbs (1.6.2)
    rouge (3.26.0)
    rqrcode (2.1.0)
      chunky_png (~> 1.0)
      rqrcode_core (~> 1.0)
    rqrcode_core (1.2.0)
    ruby2_keywords (0.0.5)
    sinatra (2.1.0)
      mustermann (~> 1.0)
      rack (~> 2.2)
      rack-protection (= 2.1.0)
      tilt (~> 2.0)
    sinatra-contrib (2.1.0)
      multi_json
      mustermann (~> 1.0)
      rack-protection (= 2.1.0)
      sinatra (= 2.1.0)
      tilt (~> 2.0)
    svg-graph (2.2.1)
    tilt (2.0.10)
    typed_struct (0.1.4)
      rbs (~> 1.0)

PLATFORMS
  ruby
  x86_64-darwin-19

DEPENDENCIES
  method_source (~> 1.0)
  puma (~> 5.4)
  quince (~> 0.6)
  rouge (~> 3.26)
  rqrcode
  svg-graph

RUBY VERSION
   ruby 2.7.1p83

BUNDLED WITH
   2.2.8
